GEM
  remote: http://rubygems.org/
  specs:
    mini_portile2 (2.1.0)
    nokogiri (1.7.0.1)
      mini_portile2 (~> 2.1.0)
    rmagick (2.16.0)

PLATFORMS
  ruby

DEPENDENCIES
  nokogiri
  rmagick

BUNDLED WITH
   1.13.6
